GEM
  remote: http://rubygems.org/
  specs:
    builder (3.0.0)
    daemons (1.1.4)
    eventmachine (0.12.10)
    growl (1.0.3)
    guard (0.7.0)
      thor (~> 0.14.6)
    guard-test (0.3.1)
      guard (>= 0.4.0)
      test-unit (~> 2.3.1)
    metaclass (0.0.1)
    mocha (0.10.0)
      metaclass (~> 0.0.1)
    nokogiri (1.5.0)
    rack (1.3.3)
    rack-test (0.6.1)
      rack (>= 1.0)
    rb-fsevent (0.4.3.1)
    sinatra (1.2.6)
      rack (~> 1.1)
      tilt (< 2.0, >= 1.2.2)
    test-unit (2.3.2)
    thin (1.2.11)
      daemons (>= 1.0.9)
      eventmachine (>= 0.12.6)
      rack (>= 1.0.0)
    thor (0.14.6)
    tilt (1.3.3)

PLATFORMS
  ruby

DEPENDENCIES
  builder
  growl
  guard-test
  mocha
  nokogiri
  rack-test
  rb-fsevent
  sinatra
  thin
