GEM
  remote: http://rubygems.org/
  specs:
    addressable (2.2.8)
    builder (3.0.0)
    crack (0.3.1)
    daemons (1.1.8)
    eventmachine (0.12.10)
    ffi (1.0.11)
    growl (1.0.3)
    guard (1.0.2)
      ffi (>= 0.5.0)
      thor (~> 0.14.6)
    guard-minitest (0.5.0)
      guard (>= 0.4)
    metaclass (0.0.1)
    minitest (3.0.0)
    mocha (0.11.4)
      metaclass (~> 0.0.1)
    nokogiri (1.5.2)
    rack (1.4.1)
    rack-protection (1.2.0)
      rack
    rack-test (0.6.1)
      rack (>= 1.0)
    rake (0.9.2.2)
    rb-fsevent (0.9.1)
    sinatra (1.3.2)
      rack (~> 1.3, >= 1.3.6)
      rack-protection (~> 1.2)
      tilt (~> 1.3, >= 1.3.3)
    thin (1.3.1)
      daemons (>= 1.0.9)
      eventmachine (>= 0.12.6)
      rack (>= 1.0.0)
    thor (0.14.6)
    tilt (1.3.3)
    vcr (2.1.1)
    webmock (1.8.7)
      addressable (>= 2.2.7)
      crack (>= 0.1.7)

PLATFORMS
  ruby

DEPENDENCIES
  builder
  growl
  guard-minitest
  minitest
  mocha
  nokogiri
  rack-test
  rake
  rb-fsevent
  sinatra
  thin
  vcr
  webmock
